GEM
  remote: http://rubygems.org/
  specs:
    actionmailer (2.3.11)
      actionpack (= 2.3.11)
    actionpack (2.3.11)
      activesupport (= 2.3.11)
      rack (~> 1.1.0)
    activerecord (2.3.11)
      activesupport (= 2.3.11)
    activeresource (2.3.11)
      activesupport (= 2.3.11)
    activesupport (2.3.11)
    authlogic (2.1.6)
      activesupport
    builder (3.0.0)
    columnize (0.3.2)
    crack (0.1.8)
    dnclabs-auth-hmac (1.1.1.2010090201)
    factory_girl (1.3.3)
    geminabox (0.2.11)
      builder
      sinatra
    httpotato (1.0.2)
      crack (= 0.1.8)
      json (= 1.4.6)
    jferris-mocha (0.9.8.20100526112143)
      rake
    json (1.4.6)
    linecache (0.43)
    net-ssh (2.1.3)
    paperclip (2.3.8)
      activerecord
      activesupport
    pg (0.10.1)
    rack (1.1.0)
    rack-test (0.5.7)
      rack (>= 1.0)
    rails (2.3.11)
      actionmailer (= 2.3.11)
      actionpack (= 2.3.11)
      activerecord (= 2.3.11)
      activeresource (= 2.3.11)
      activesupport (= 2.3.11)
      rake (>= 0.8.3)
    rake (0.8.7)
    rspec (1.3.1)
    rspec-rails (1.3.3)
      rack (>= 1.0.0)
      rspec (= 1.3.1)
    ruby-debug (0.10.4)
      columnize (>= 0.1)
      ruby-debug-base (~> 0.10.4.0)
    ruby-debug-base (0.10.4)
      linecache (>= 0.3)
    shoulda (2.11.3)
    sinatra (1.2.0)
      rack (~> 1.1)
      tilt (< 2.0, >= 1.2.2)
    statsd-client (0.0.4)
    tilt (1.2.2)

PLATFORMS
  ruby

DEPENDENCIES
  authlogic
  dnclabs-auth-hmac
  factory_girl
  geminabox
  httpotato
  jferris-mocha
  net-ssh
  paperclip
  pg
  rack (= 1.1.0)
  rack-test
  rails (= 2.3.11)
  rspec (~> 1.3.1)
  rspec-rails
  ruby-debug
  shoulda
  statsd-client
