GEM
  remote: http://rubygems.org/
  specs:
    actionmailer (2.3.8)
      actionpack (= 2.3.8)
    actionpack (2.3.8)
      activesupport (= 2.3.8)
      rack (~> 1.1.0)
    activerecord (2.3.8)
      activesupport (= 2.3.8)
    activeresource (2.3.8)
      activesupport (= 2.3.8)
    activesupport (2.3.8)
    authlogic (2.1.6)
      activesupport
    builder (3.0.0)
    columnize (0.3.2)
    crack (0.1.8)
    dnclabs-auth-hmac (1.1.1.2010090201)
    dnclabs-httparty (0.6.1.2010090201)
      crack (= 0.1.8)
    factory_girl (1.3.2)
    geminabox (0.2.9)
      builder
      sinatra
    jferris-mocha (0.9.8.20100526112143)
      rake
    linecache (0.43)
    net-ssh (2.0.23)
    paperclip (2.3.8)
      activerecord
      activesupport
    pg (0.10.0)
    rack (1.1.0)
    rack-test (0.5.6)
      rack (>= 1.0)
    rails (2.3.8)
      actionmailer (= 2.3.8)
      actionpack (= 2.3.8)
      activerecord (= 2.3.8)
      activeresource (= 2.3.8)
      activesupport (= 2.3.8)
      rake (>= 0.8.3)
    rake (0.8.7)
    rspec (1.3.1)
    rspec-rails (1.3.3)
      rack (>= 1.0.0)
      rspec (= 1.3.1)
    ruby-debug (0.10.4)
      columnize (>= 0.1)
      ruby-debug-base (~> 0.10.4.0)
    ruby-debug-base (0.10.4)
      linecache (>= 0.3)
    shoulda (2.11.3)
    sinatra (1.1.2)
      rack (~> 1.1)
      tilt (~> 1.2)
    tilt (1.2.1)

PLATFORMS
  ruby

DEPENDENCIES
  authlogic
  dnclabs-auth-hmac
  dnclabs-httparty
  factory_girl
  geminabox
  jferris-mocha
  net-ssh
  paperclip
  pg
  rack (= 1.1.0)
  rack-test
  rails (= 2.3.8)
  rspec (~> 1.3.1)
  rspec-rails
  ruby-debug
  shoulda
